GEM
  remote: http://rubygems.org/
  specs:
    httparty (0.16.4)
      mime-types (~> 3.0)
      multi_xml (>= 0.5.2)
    mime-types (3.2.2)
      mime-types-data (~> 3.2015)
    mime-types-data (3.2019.0331)
    multi_xml (0.6.0)
    rbattlenet (1.1.3)
      httparty (~> 0.16.1)

PLATFORMS
  ruby

DEPENDENCIES
  rbattlenet

BUNDLED WITH
   1.17.3
